PATH
  remote: .
  specs:
    dynamic_registrar (0.0.developer)
      ZenTest (~> 4.4.2)
      cover_me (~> 1.0.0.rc4)
      parallel_tests (~> 0.4.9)
      yard (~> 0.6.3)

GEM
  remote: http://rubygems.org/
  specs:
    ZenTest (4.4.2)
    configatron (2.6.4)
      yamler (>= 0.1.0)
    cover_me (1.0.0.rc4)
      configatron
      hashie
    hashie (0.4.0)
    parallel (0.5.1)
    parallel_tests (0.4.9)
      parallel
    yamler (0.1.0)
    yard (0.6.4)

PLATFORMS
  ruby

DEPENDENCIES
  ZenTest (~> 4.4.2)
  cover_me (~> 1.0.0.rc4)
  dynamic_registrar!
  parallel_tests (~> 0.4.9)
  yard (~> 0.6.3)
